PATH
  remote: .
  specs:
    tinyatom (0.3.6)
      builder (> 0)
      public_suffix (> 0)

GEM
  remote: http://rubygems.org/
  specs:
    builder (3.2.2)
    public_suffix (1.4.2)

PLATFORMS
  ruby

DEPENDENCIES
  tinyatom!
